GIT
  remote: git://github.com/18F/guides-style.git
  revision: 5bc8289e08638edd311e62806de4b6fc5f2a0135
  branch: v1.0.6
  specs:
    guides_style_18f (1.0.6)
      jekyll
      jekyll_pages_api
      jekyll_pages_api_search
      rouge
      sass

GEM
  remote: https://rubygems.org/
  specs:
    addressable (2.7.0)
      public_suffix (>= 2.0.2, < 5.0)
    colorator (0.1)
    ethon (0.12.0)
      ffi (>= 1.3.0)
    ffi (1.12.1)
    html-proofer (3.15.1)
      addressable (~> 2.3)
      mercenary (~> 0.3)
      nokogumbo (~> 2.0)
      parallel (~> 1.3)
      rainbow (~> 3.0)
      typhoeus (~> 1.3)
      yell (~> 2.0)
    htmlentities (4.3.4)
    jekyll (3.1.6)
      colorator (~> 0.1)
      jekyll-sass-converter (~> 1.0)
      jekyll-watch (~> 1.1)
      kramdown (~> 1.3)
      liquid (~> 3.0)
      mercenary (~> 0.3.3)
      rouge (~> 1.7)
      safe_yaml (~> 1.0)
    jekyll-redirect-from (0.11.0)
      jekyll (>= 2.0)
    jekyll-sass-converter (1.5.2)
      sass (~> 3.4)
    jekyll-watch (1.5.1)
      listen (~> 3.0)
    jekyll_pages_api (0.1.6)
      htmlentities (~> 4.3)
      jekyll (>= 2.0, < 4.0)
    jekyll_pages_api_search (0.5.0)
      jekyll_pages_api (~> 0.1.4)
      sass (~> 3.4)
    kramdown (1.17.0)
    liquid (3.0.6)
    listen (3.2.1)
      rb-fsevent (~> 0.10, >= 0.10.3)
      rb-inotify (~> 0.9, >= 0.9.10)
    mercenary (0.3.6)
    mini_portile2 (2.4.0)
    nokogiri (1.10.7)
      mini_portile2 (~> 2.4.0)
    nokogumbo (2.0.2)
      nokogiri (~> 1.8, >= 1.8.4)
    parallel (1.19.1)
    public_suffix (4.0.3)
    rainbow (3.0.0)
    rake (13.0.1)
    rb-fsevent (0.10.3)
    rb-inotify (0.10.1)
      ffi (~> 1.0)
    rouge (1.11.1)
    safe_yaml (1.0.5)
    sass (3.7.4)
      sass-listen (~> 4.0.0)
    sass-listen (4.0.0)
      rb-fsevent (~> 0.9, >= 0.9.4)
      rb-inotify (~> 0.9, >= 0.9.7)
    typhoeus (1.3.1)
      ethon (>= 0.9.0)
    yell (2.2.1)

PLATFORMS
  ruby

DEPENDENCIES
  guides_style_18f!
  html-proofer (~> 3.0)
  jekyll (~> 3.1.0)
  jekyll-redirect-from
  rake

BUNDLED WITH
   1.17.3
