GIT
  remote: git://github.com/18F/guides-style.git
  revision: 5bc8289e08638edd311e62806de4b6fc5f2a0135
  branch: v1.0.6
  specs:
    guides_style_18f (1.0.6)
      jekyll
      jekyll_pages_api
      jekyll_pages_api_search
      rouge
      sass

GEM
  remote: https://rubygems.org/
  specs:
    activesupport (5.1.0)
      concurrent-ruby (~> 1.0, >= 1.0.2)
      i18n (~> 0.7)
      minitest (~> 5.1)
      tzinfo (~> 1.1)
    addressable (2.5.1)
      public_suffix (~> 2.0, >= 2.0.2)
    colorator (1.1.0)
    colored (1.2)
    concurrent-ruby (1.0.5)
    em-websocket (0.5.1)
      eventmachine (>= 0.12.9)
      http_parser.rb (~> 0.6.0)
    ethon (0.10.1)
      ffi (>= 1.3.0)
    eventmachine (1.2.7)
    ffi (1.11.1)
    forwardable-extended (2.6.0)
    go_script (0.1.9)
      bundler (~> 1.10)
      safe_yaml (~> 1.0)
    html-proofer (3.6.0)
      activesupport (>= 4.2, < 6.0)
      addressable (~> 2.3)
      colored (~> 1.2)
      mercenary (~> 0.3.2)
      nokogiri (~> 1.5)
      parallel (~> 1.3)
      typhoeus (~> 0.7)
      yell (~> 2.0)
    htmlentities (4.3.4)
    http_parser.rb (0.6.0)
    i18n (0.8.1)
    jekyll (3.8.6)
      addressable (~> 2.4)
      colorator (~> 1.0)
      em-websocket (~> 0.5)
      i18n (~> 0.7)
      jekyll-sass-converter (~> 1.0)
      jekyll-watch (~> 2.0)
      kramdown (~> 1.14)
      liquid (~> 4.0)
      mercenary (~> 0.3.3)
      pathutil (~> 0.9)
      rouge (>= 1.7, < 4)
      safe_yaml (~> 1.0)
    jekyll-sass-converter (1.5.2)
      sass (~> 3.4)
    jekyll-watch (2.2.1)
      listen (~> 3.0)
    jekyll_pages_api (0.1.6)
      htmlentities (~> 4.3)
      jekyll (>= 2.0, < 4.0)
    jekyll_pages_api_search (0.5.0)
      jekyll_pages_api (~> 0.1.4)
      sass (~> 3.4)
    kramdown (1.17.0)
    liquid (4.0.3)
    listen (3.1.5)
      rb-fsevent (~> 0.9, >= 0.9.4)
      rb-inotify (~> 0.9, >= 0.9.7)
      ruby_dep (~> 1.2)
    mercenary (0.3.6)
    mini_portile2 (2.1.0)
    minitest (5.10.1)
    nokogiri (1.7.1)
      mini_portile2 (~> 2.1.0)
    parallel (1.11.1)
    pathutil (0.16.2)
      forwardable-extended (~> 2.6)
    public_suffix (2.0.5)
    rb-fsevent (0.10.3)
    rb-inotify (0.10.0)
      ffi (~> 1.0)
    rouge (3.10.0)
    ruby_dep (1.5.0)
    safe_yaml (1.0.5)
    sass (3.7.4)
      sass-listen (~> 4.0.0)
    sass-listen (4.0.0)
      rb-fsevent (~> 0.9, >= 0.9.4)
      rb-inotify (~> 0.9, >= 0.9.7)
    thread_safe (0.3.6)
    typhoeus (0.8.0)
      ethon (>= 0.8.0)
    tzinfo (1.2.3)
      thread_safe (~> 0.1)
    yell (2.0.7)

PLATFORMS
  ruby

DEPENDENCIES
  go_script
  guides_style_18f!
  html-proofer (~> 3.0)
  jekyll (~> 3.8.6)

BUNDLED WITH
   1.17.3
